GEM
  remote: https://rubygems.org/
  specs:
    concurrent-ruby (1.1.7)
    dotenv (2.7.6)
    faker (2.14.0)
      i18n (>= 1.6, < 2)
    i18n (1.8.5)
      concurrent-ruby (~> 1.0)
    pg (1.2.3)
    rack (2.2.3)
    rack-test (1.1.0)
      rack (>= 1.0, < 3)
    roda (3.37.0)
      rack
    sequel (5.37.0)
    sequel_pg (1.14.0)
      pg (>= 0.18.0, != 1.2.0)
      sequel (>= 4.38.0)

PLATFORMS
  ruby

DEPENDENCIES
  dotenv
  faker
  rack-test
  roda (~> 3.36)
  sequel (>= 5)
  sequel_pg (>= 1.8)

RUBY VERSION
   ruby 2.7.1p83

BUNDLED WITH
   2.1.4
